STORAGE: NONE
COPY-LOCAL: TRUE
RESTRICTION: == net7.0
NUGET
  remote: https://api.nuget.org/v3/index.json
    Aardvark.Application (5.3.8)
      Aardvark.Base.Essentials (>= 5.2.19 < 5.3)
      Aardvark.Base.Incremental (>= 5.2.19 < 5.3)
      Aardvark.Rendering (5.3.8)
      FShade.Core (>= 5.3.3 < 5.4)
      FShade.GLSL (>= 5.3.3)
      FSharp.Core (>= 5.0.1)
    Aardvark.Base (5.2.25)
      Aardvark.Base.Telemetry (5.2.25)
      System.Collections.Immutable (>= 5.0)
      System.Text.Json (>= 4.7.2)
    Aardvark.Base.Essentials (5.2.25)
      Aardvark.Base (5.2.25)
      System.Collections.Immutable (>= 5.0)
    Aardvark.Base.FSharp (5.2.25)
      Aardvark.Base (5.2.25)
      Aardvark.Base.TypeProviders (>= 4.5.15 < 4.6)
      FSharp.Core (>= 5.0)
      FSharp.Data.Adaptive (>= 1.2 < 1.3)
      FsPickler (>= 5.3.2 < 5.4)
      System.Dynamic.Runtime (>= 4.3 < 4.4)
    Aardvark.Base.Incremental (5.2.25)
      Aardvark.Base (5.2.25)
      Aardvark.Base.FSharp (5.2.25)
      Aardvark.Base.TypeProviders (>= 4.5.15 < 4.6)
      FSharp.Core (>= 5.0)
      FSharp.Data.Adaptive (>= 1.2 < 1.3)
      FsPickler (>= 5.3.2 < 5.4)
    Aardvark.Base.Telemetry (5.2.25)
    Aardvark.Base.Tensors (5.2.25)
      Aardvark.Base (5.2.25)
      Aardvark.Base.FSharp (5.2.25)
      FSharp.Core (>= 5.0)
      SixLabors.ImageSharp (>= 2.1.3 < 2.2)
    Aardvark.Base.TypeProviders (4.5.15)
      FSharp.Core (>= 4.2.3)
    Aardvark.Build (1.0.20)
    Aardvark.Dom (1.0.0-prerelease0039)
      Aardvark.Application (>= 5.3.6)
      Aardvark.Base (>= 5.2.21 < 5.3)
      Aardvark.Dom.Core (1.0.0-prerelease0039)
      Aardvark.FontProvider (>= 0.0.6 < 0.1)
      Aardvark.Geometry (>= 5.2.21)
      Aardvark.Rendering.Text (>= 5.3.6 < 5.4)
      Aardvark.SceneGraph (>= 5.3.6 < 5.4)
      FSharp.Core (>= 6.0.1)
    Aardvark.Dom.Core (1.0.0-prerelease0039)
      FSharp.Core (>= 6.0.1)
    Aardvark.Dom.Elm (1.0.0-prerelease0039)
      Aardvark.Application (>= 5.3.6)
      Aardvark.Base (>= 5.2.21 < 5.3)
      Aardvark.Dom (1.0.0-prerelease0039)
      Aardvark.Rendering.Text (>= 5.3.6 < 5.4)
      Aardvark.SceneGraph (>= 5.3.6 < 5.4)
      Adaptify.Core (>= 1.1.9 < 1.2)
      FSharp.Core (>= 6.0.1)
    Aardvark.Dom.Remote (1.0.0-prerelease0039)
      Aardvark.Application (>= 5.3.6)
      Aardvark.Base (>= 5.2.21 < 5.3)
      Aardvark.Dom (1.0.0-prerelease0039)
      Aardvark.Rendering.Text (>= 5.3.6 < 5.4)
      Aardvark.SceneGraph (>= 5.3.6 < 5.4)
      FSharp.Core (>= 6.0.1)
    Aardvark.FontProvider (0.0.6)
      Aardvark.Rendering.Text (>= 5.3.6 < 5.4)
      FSharp.Core (>= 5.0.1)
    Aardvark.Geometry (5.2.25)
      Aardvark.Base (5.2.25)
      Aardvark.Base.FSharp (5.2.25)
      Aardvark.Base.Tensors (5.2.25)
      Aardvark.Base.TypeProviders (>= 4.5.15 < 4.6)
      FSharp.Core (>= 5.0)
      FSharp.Data.Adaptive (>= 1.2 < 1.3)
      FsPickler (>= 5.3.2 < 5.4)
      Unofficial.LibTessDotNet (>= 2.0.2 < 2.1)
    Aardvark.Rendering (5.3.8)
      Aardvark.Base.Essentials (>= 5.2.19 < 5.3)
      Aardvark.Base.Incremental (>= 5.2.19 < 5.3)
      Aardvark.Base.Tensors (>= 5.2.19 < 5.3)
      FShade.Core (>= 5.3.3 < 5.4)
      FShade.GLSL (>= 5.3.3)
      FSharp.Core (>= 5.0.1)
      FSharp.Data.Adaptive (>= 1.2.13 < 1.3)
    Aardvark.Rendering.Text (5.3.8)
      Aardvark.Base.Incremental (>= 5.2.19 < 5.3)
      Aardvark.Rendering (5.3.8)
      Aardvark.SceneGraph (5.3.8)
      CommonMark.NET (>= 0.15.1 < 0.16)
      FShade.Core (>= 5.3.3 < 5.4)
      FShade.GLSL (>= 5.3.3)
      FSharp.Core (>= 5.0.1)
      Unofficial.LibTessDotNet (>= 2.0.2 < 2.1)
      Unofficial.Typography (>= 0.1 < 0.2)
    Aardvark.SceneGraph (5.3.8)
      Aardvark.Base.Incremental (>= 5.2.19 < 5.3)
      Aardvark.Rendering (5.3.8)
      FShade.Core (>= 5.3.3 < 5.4)
      FShade.GLSL (>= 5.3.3)
      FSharp.Core (>= 5.0.1)
    Adaptify.Core (1.1.9)
      FSharp.Data.Adaptive (>= 1.2.13 < 1.3)
    CommonMark.NET (0.15.1)
    FShade (5.3.6)
      FShade.Core (5.3.6)
      FShade.GLSL (5.3.6)
      FShade.Imperative (5.3.6)
      FShade.SpirV (5.3.6)
    FShade.Core (5.3.6)
      Aardvark.Base (>= 5.2.13 < 5.3)
      Aardvark.Base.FSharp (>= 5.2.13 < 5.3)
      FShade.Imperative (5.3.6)
      FSharp.Core (>= 5.0)
    FShade.GLSL (5.3.6)
      Aardvark.Base (>= 5.2.13 < 5.3)
      Aardvark.Base.FSharp (>= 5.2.13 < 5.3)
      FShade.Core (5.3.6)
      FShade.Imperative (5.3.6)
      FSharp.Core (>= 5.0)
    FShade.Imperative (5.3.6)
      Aardvark.Base (>= 5.2.13 < 5.3)
      Aardvark.Base.FSharp (>= 5.2.13 < 5.3)
      FSharp.Core (>= 5.0)
      FsPickler (>= 5.3.2 < 5.4)
    FShade.SpirV (5.3.6)
      Aardvark.Base (>= 5.2.13 < 5.3)
      Aardvark.Base.FSharp (>= 5.2.13 < 5.3)
      FShade.Core (5.3.6)
      FShade.Imperative (5.3.6)
      FSharp.Core (>= 5.0)
    FSharp.Core (7.0.200)
    FSharp.Data.Adaptive (1.2.14)
      FSharp.Core (>= 4.7)
      System.Reflection.Emit.Lightweight (>= 4.6)
    FsPickler (5.3.2)
      FSharp.Core (>= 4.3.2)
      System.Reflection.Emit.Lightweight (>= 4.3)
    Microsoft.AspNetCore.Authorization (7.0.10)
      Microsoft.AspNetCore.Metadata (>= 7.0.10)
      Microsoft.Extensions.Logging.Abstractions (>= 7.0.1)
      Microsoft.Extensions.Options (>= 7.0.1)
    Microsoft.AspNetCore.Components (7.0.10)
      Microsoft.AspNetCore.Authorization (>= 7.0.10)
      Microsoft.AspNetCore.Components.Analyzers (>= 7.0.10)
    Microsoft.AspNetCore.Components.Analyzers (7.0.10)
    Microsoft.AspNetCore.Components.Forms (7.0.10)
      Microsoft.AspNetCore.Components (>= 7.0.10)
    Microsoft.AspNetCore.Components.Web (7.0.10)
      Microsoft.AspNetCore.Components (>= 7.0.10)
      Microsoft.AspNetCore.Components.Forms (>= 7.0.10)
      Microsoft.Extensions.DependencyInjection (>= 7.0)
      Microsoft.JSInterop (>= 7.0.10)
      System.IO.Pipelines (>= 7.0)
    Microsoft.AspNetCore.Components.WebAssembly (7.0.10)
      Microsoft.AspNetCore.Components.Web (>= 7.0.10)
      Microsoft.Extensions.Configuration.Binder (>= 7.0.4)
      Microsoft.Extensions.Configuration.Json (>= 7.0)
      Microsoft.Extensions.Logging (>= 7.0)
      Microsoft.JSInterop.WebAssembly (>= 7.0.10)
    Microsoft.AspNetCore.Components.WebAssembly.DevServer (7.0.10)
    Microsoft.AspNetCore.Metadata (7.0.10)
    Microsoft.CSharp (4.7)
    Microsoft.DotNet.PlatformAbstractions (3.1.6)
    Microsoft.Extensions.Configuration (7.0)
      Microsoft.Extensions.Configuration.Abstractions (>= 7.0)
      Microsoft.Extensions.Primitives (>= 7.0)
    Microsoft.Extensions.Configuration.Abstractions (7.0)
      Microsoft.Extensions.Primitives (>= 7.0)
    Microsoft.Extensions.Configuration.Binder (7.0.4)
      Microsoft.Extensions.Configuration.Abstractions (>= 7.0)
    Microsoft.Extensions.Configuration.FileExtensions (7.0)
      Microsoft.Extensions.Configuration (>= 7.0)
      Microsoft.Extensions.Configuration.Abstractions (>= 7.0)
      Microsoft.Extensions.FileProviders.Abstractions (>= 7.0)
      Microsoft.Extensions.FileProviders.Physical (>= 7.0)
      Microsoft.Extensions.Primitives (>= 7.0)
    Microsoft.Extensions.Configuration.Json (7.0)
      Microsoft.Extensions.Configuration (>= 7.0)
      Microsoft.Extensions.Configuration.Abstractions (>= 7.0)
      Microsoft.Extensions.Configuration.FileExtensions (>= 7.0)
      Microsoft.Extensions.FileProviders.Abstractions (>= 7.0)
      System.Text.Json (>= 7.0)
    Microsoft.Extensions.DependencyInjection (7.0)
      Microsoft.Extensions.DependencyInjection.Abstractions (>= 7.0)
    Microsoft.Extensions.DependencyInjection.Abstractions (7.0)
    Microsoft.Extensions.DependencyModel (6.0)
      System.Buffers (>= 4.5.1)
      System.Memory (>= 4.5.4)
      System.Runtime.CompilerServices.Unsafe (>= 6.0)
      System.Text.Encodings.Web (>= 6.0)
      System.Text.Json (>= 6.0)
    Microsoft.Extensions.FileProviders.Abstractions (7.0)
      Microsoft.Extensions.Primitives (>= 7.0)
    Microsoft.Extensions.FileProviders.Physical (7.0)
      Microsoft.Extensions.FileProviders.Abstractions (>= 7.0)
      Microsoft.Extensions.FileSystemGlobbing (>= 7.0)
      Microsoft.Extensions.Primitives (>= 7.0)
    Microsoft.Extensions.FileSystemGlobbing (7.0)
    Microsoft.Extensions.Logging (7.0)
      Microsoft.Extensions.DependencyInjection (>= 7.0)
      Microsoft.Extensions.DependencyInjection.Abstractions (>= 7.0)
      Microsoft.Extensions.Logging.Abstractions (>= 7.0)
      Microsoft.Extensions.Options (>= 7.0)
    Microsoft.Extensions.Logging.Abstractions (7.0.1)
    Microsoft.Extensions.Options (7.0.1)
      Microsoft.Extensions.DependencyInjection.Abstractions (>= 7.0)
      Microsoft.Extensions.Primitives (>= 7.0)
    Microsoft.Extensions.Primitives (7.0)
    Microsoft.JSInterop (7.0.10)
    Microsoft.JSInterop.WebAssembly (7.0.10)
      Microsoft.JSInterop (>= 7.0.10)
    Microsoft.NETCore.Platforms (6.0.6)
    Microsoft.NETCore.Targets (5.0)
    Newtonsoft.Json (13.0.3)
    Serialize.Linq (3.0.134)
    Silk.NET.Core (2.15)
      Microsoft.CSharp (>= 4.7)
      Microsoft.DotNet.PlatformAbstractions (>= 3.1.6)
      Microsoft.Extensions.DependencyModel (>= 5.0)
      System.Memory (>= 4.5.4)
      System.Numerics.Vectors (>= 4.5)
      System.Runtime.CompilerServices.Unsafe (>= 6.0)
    Silk.NET.Maths (2.15)
    Silk.NET.OpenGLES (2.15)
      Silk.NET.Core (>= 2.15)
      Silk.NET.Maths (>= 2.15)
    SixLabors.ImageSharp (2.1.3)
      System.Runtime.CompilerServices.Unsafe (>= 5.0)
      System.Text.Encoding.CodePages (>= 5.0)
    System.Buffers (4.5.1)
    System.Collections (4.3)
      Microsoft.NETCore.Platforms (>= 1.1)
      Microsoft.NETCore.Targets (>= 1.1)
      System.Runtime (>= 4.3)
    System.Collections.Immutable (6.0)
      System.Runtime.CompilerServices.Unsafe (>= 6.0)
    System.Diagnostics.Debug (4.3)
      Microsoft.NETCore.Platforms (>= 1.1)
      Microsoft.NETCore.Targets (>= 1.1)
      System.Runtime (>= 4.3)
    System.Dynamic.Runtime (4.3)
      System.Collections (>= 4.3)
      System.Diagnostics.Debug (>= 4.3)
      System.Linq (>= 4.3)
      System.Linq.Expressions (>= 4.3)
      System.ObjectModel (>= 4.3)
      System.Reflection (>= 4.3)
      System.Reflection.Emit (>= 4.3)
      System.Reflection.Emit.ILGeneration (>= 4.3)
      System.Reflection.Primitives (>= 4.3)
      System.Reflection.TypeExtensions (>= 4.3)
      System.Resources.ResourceManager (>= 4.3)
      System.Runtime (>= 4.3)
      System.Runtime.Extensions (>= 4.3)
      System.Threading (>= 4.3)
    System.Globalization (4.3)
      Microsoft.NETCore.Platforms (>= 1.1)
      Microsoft.NETCore.Targets (>= 1.1)
      System.Runtime (>= 4.3)
    System.IO (4.3)
      Microsoft.NETCore.Platforms (>= 1.1)
      Microsoft.NETCore.Targets (>= 1.1)
      System.Runtime (>= 4.3)
      System.Text.Encoding (>= 4.3)
      System.Threading.Tasks (>= 4.3)
    System.IO.Pipelines (7.0)
    System.Linq (4.3)
      System.Collections (>= 4.3)
      System.Diagnostics.Debug (>= 4.3)
      System.Resources.ResourceManager (>= 4.3)
      System.Runtime (>= 4.3)
      System.Runtime.Extensions (>= 4.3)
    System.Linq.Expressions (4.3)
      System.Collections (>= 4.3)
      System.Diagnostics.Debug (>= 4.3)
      System.Globalization (>= 4.3)
      System.IO (>= 4.3)
      System.Linq (>= 4.3)
      System.ObjectModel (>= 4.3)
      System.Reflection (>= 4.3)
      System.Reflection.Emit (>= 4.3)
      System.Reflection.Emit.ILGeneration (>= 4.3)
      System.Reflection.Emit.Lightweight (>= 4.3)
      System.Reflection.Extensions (>= 4.3)
      System.Reflection.Primitives (>= 4.3)
      System.Reflection.TypeExtensions (>= 4.3)
      System.Resources.ResourceManager (>= 4.3)
      System.Runtime (>= 4.3)
      System.Runtime.Extensions (>= 4.3)
      System.Threading (>= 4.3)
    System.Memory (4.5.5)
    System.Numerics.Vectors (4.5)
    System.ObjectModel (4.3)
      System.Collections (>= 4.3)
      System.Diagnostics.Debug (>= 4.3)
      System.Resources.ResourceManager (>= 4.3)
      System.Runtime (>= 4.3)
      System.Threading (>= 4.3)
    System.Reflection (4.3)
      Microsoft.NETCore.Platforms (>= 1.1)
      Microsoft.NETCore.Targets (>= 1.1)
      System.IO (>= 4.3)
      System.Reflection.Primitives (>= 4.3)
      System.Runtime (>= 4.3)
    System.Reflection.Emit (4.7)
    System.Reflection.Emit.ILGeneration (4.7)
    System.Reflection.Emit.Lightweight (4.7)
    System.Reflection.Extensions (4.3)
      Microsoft.NETCore.Platforms (>= 1.1)
      Microsoft.NETCore.Targets (>= 1.1)
      System.Reflection (>= 4.3)
      System.Runtime (>= 4.3)
    System.Reflection.Primitives (4.3)
      Microsoft.NETCore.Platforms (>= 1.1)
      Microsoft.NETCore.Targets (>= 1.1)
      System.Runtime (>= 4.3)
    System.Reflection.TypeExtensions (4.7)
    System.Resources.ResourceManager (4.3)
      Microsoft.NETCore.Platforms (>= 1.1)
      Microsoft.NETCore.Targets (>= 1.1)
      System.Globalization (>= 4.3)
      System.Reflection (>= 4.3)
      System.Runtime (>= 4.3)
    System.Runtime (4.3.1)
      Microsoft.NETCore.Platforms (>= 1.1.1)
      Microsoft.NETCore.Targets (>= 1.1.3)
    System.Runtime.CompilerServices.Unsafe (6.0)
    System.Runtime.Extensions (4.3.1)
      Microsoft.NETCore.Platforms (>= 1.1.1)
      Microsoft.NETCore.Targets (>= 1.1.3)
      System.Runtime (>= 4.3.1)
    System.Text.Encoding (4.3)
      Microsoft.NETCore.Platforms (>= 1.1)
      Microsoft.NETCore.Targets (>= 1.1)
      System.Runtime (>= 4.3)
    System.Text.Encoding.CodePages (6.0)
      System.Runtime.CompilerServices.Unsafe (>= 6.0)
    System.Text.Encodings.Web (7.0)
    System.Text.Json (7.0.3)
      System.Text.Encodings.Web (>= 7.0)
    System.Threading (4.3)
      System.Runtime (>= 4.3)
      System.Threading.Tasks (>= 4.3)
    System.Threading.Tasks (4.3)
      Microsoft.NETCore.Platforms (>= 1.1)
      Microsoft.NETCore.Targets (>= 1.1)
      System.Runtime (>= 4.3)
    Tewr.BlazorWorker.BackgroundService (3.2.2)
      Microsoft.JSInterop (>= 6.0.1)
      Newtonsoft.Json (>= 13.0.1)
      Serialize.Linq (>= 1.8.1)
      Tewr.BlazorWorker.Core (>= 3.2.2)
    Tewr.BlazorWorker.Core (3.2.2)
      Microsoft.Extensions.DependencyInjection.Abstractions (>= 6.0)
      Microsoft.JSInterop (>= 6.0.1)
    Tewr.BlazorWorker.Extensions.JSRuntime (3.1.0-preview)
      Microsoft.Extensions.DependencyInjection.Abstractions (>= 6.0)
      Microsoft.JSInterop (>= 6.0.1)
      Tewr.BlazorWorker.Core (>= 3.1)
    Unofficial.LibTessDotNet (2.0.2)
    Unofficial.Typography (0.1)
      System.Numerics.Vectors (>= 4.5)
