STORAGE: NONE
COPY-LOCAL: TRUE
RESTRICTION: == net6.0
NUGET
  remote: https://api.nuget.org/v3/index.json
    Aardvark.Application (5.2.17)
      Aardvark.Base.Essentials (>= 5.2.11 < 5.3)
      Aardvark.Base.Incremental (>= 5.2.11 < 5.3)
      Aardvark.Rendering (5.2.17)
      FShade.Core (>= 5.2.9 < 5.3)
      FShade.GLSL (>= 5.2.9)
      FSharp.Core (>= 5.0)
    Aardvark.Base (5.2.18)
      Aardvark.Base.Telemetry (5.2.18)
      System.Collections.Immutable (>= 5.0)
      System.Text.Json (>= 4.7.2)
    Aardvark.Base.Essentials (5.2.18)
      Aardvark.Base (5.2.18)
      System.Collections.Immutable (>= 5.0)
    Aardvark.Base.FSharp (5.2.18)
      Aardvark.Base (5.2.18)
      Aardvark.Base.TypeProviders (>= 4.5.15 < 4.6)
      FSharp.Core (>= 5.0)
      FSharp.Data.Adaptive (>= 1.2 < 1.3)
      FsPickler (>= 5.3.2 < 5.4)
      System.Dynamic.Runtime (>= 4.3 < 4.4)
    Aardvark.Base.Incremental (5.2.18)
      Aardvark.Base (5.2.18)
      Aardvark.Base.FSharp (5.2.18)
      Aardvark.Base.TypeProviders (>= 4.5.15 < 4.6)
      FSharp.Core (>= 5.0)
      FSharp.Data.Adaptive (>= 1.2 < 1.3)
      FsPickler (>= 5.3.2 < 5.4)
    Aardvark.Base.Telemetry (5.2.18)
    Aardvark.Base.Tensors (5.2.18)
      Aardvark.Base (5.2.18)
      Aardvark.Base.FSharp (5.2.18)
      FSharp.Core (>= 5.0)
      SixLabors.ImageSharp (>= 2.1.3 < 2.2)
    Aardvark.Base.TypeProviders (4.5.15)
      FSharp.Core (>= 4.2.3)
    Aardvark.Build (1.0.13)
    Aardvark.Dom (1.0.0-prerelease0023)
      Aardvark.Application (>= 5.2.14)
      Aardvark.Base (>= 5.2.5 < 5.3)
      Aardvark.Geometry (>= 5.2.12)
      Aardvark.Rendering.Text (>= 5.2.14 < 5.3)
      Aardvark.SceneGraph (>= 5.2.14 < 5.3)
      FSharp.Core (>= 5.0)
    Aardvark.Dom.Elm (1.0.0-prerelease0023)
      Aardvark.Application (>= 5.2.14)
      Aardvark.Base (>= 5.2.5 < 5.3)
      Aardvark.Dom (1.0.0-prerelease0023)
      Aardvark.Rendering.Text (>= 5.2.14 < 5.3)
      Aardvark.SceneGraph (>= 5.2.14 < 5.3)
      Adaptify.Core (>= 1.1.6 < 1.2)
      FSharp.Core (>= 5.0)
    Aardvark.Dom.Remote (1.0.0-prerelease0023)
      Aardvark.Application (>= 5.2.14)
      Aardvark.Base (>= 5.2.5 < 5.3)
      Aardvark.Dom (1.0.0-prerelease0023)
      Aardvark.Rendering.Text (>= 5.2.14 < 5.3)
      Aardvark.SceneGraph (>= 5.2.14 < 5.3)
      FSharp.Core (>= 5.0)
    Aardvark.FontProvider (0.0.5)
      Aardvark.Rendering.Text (>= 5.2.15 < 5.3)
      FSharp.Core (>= 5.0)
    Aardvark.Geometry (5.2.18)
      Aardvark.Base (5.2.18)
      Aardvark.Base.FSharp (5.2.18)
      Aardvark.Base.Tensors (5.2.18)
      Aardvark.Base.TypeProviders (>= 4.5.15 < 4.6)
      FSharp.Core (>= 5.0)
      FSharp.Data.Adaptive (>= 1.2 < 1.3)
      FsPickler (>= 5.3.2 < 5.4)
      Unofficial.LibTessDotNet (>= 2.0.2 < 2.1)
    Aardvark.Rendering (5.2.17)
      Aardvark.Base.Essentials (>= 5.2.11 < 5.3)
      Aardvark.Base.Incremental (>= 5.2.11 < 5.3)
      Aardvark.Base.Tensors (>= 5.2.11 < 5.3)
      FShade.Core (>= 5.2.9 < 5.3)
      FShade.GLSL (>= 5.2.9)
      FSharp.Core (>= 5.0)
      FSharp.Data.Adaptive (>= 1.2.13 < 1.3)
    Aardvark.Rendering.Text (5.2.17)
      Aardvark.Base.Incremental (>= 5.2.11 < 5.3)
      Aardvark.Rendering (5.2.17)
      Aardvark.SceneGraph (5.2.17)
      CommonMark.NET (>= 0.15.1 < 0.16)
      FShade.Core (>= 5.2.9 < 5.3)
      FShade.GLSL (>= 5.2.9)
      FSharp.Core (>= 5.0)
      Unofficial.LibTessDotNet (>= 2.0.2 < 2.1)
      Unofficial.Typography (>= 0.1 < 0.2)
    Aardvark.SceneGraph (5.2.17)
      Aardvark.Base.Incremental (>= 5.2.11 < 5.3)
      Aardvark.Rendering (5.2.17)
      FShade.Core (>= 5.2.9 < 5.3)
      FShade.GLSL (>= 5.2.9)
      FSharp.Core (>= 5.0)
    Adaptify.Core (1.1.7)
      FSharp.Data.Adaptive (>= 1.2.13 < 1.3)
    CommonMark.NET (0.15.1)
    FShade (5.2.16)
      FShade.Core (5.2.16)
      FShade.GLSL (5.2.16)
      FShade.Imperative (5.2.16)
      FShade.SpirV (5.2.16)
    FShade.Core (5.2.16)
      Aardvark.Base (>= 5.2 < 5.3)
      Aardvark.Base.FSharp (>= 5.2 < 5.3)
      FShade.Imperative (5.2.16)
      FSharp.Core (>= 5.0)
    FShade.GLSL (5.2.16)
      Aardvark.Base (>= 5.2 < 5.3)
      Aardvark.Base.FSharp (>= 5.2 < 5.3)
      FShade.Core (5.2.16)
      FShade.Imperative (5.2.16)
      FSharp.Core (>= 5.0)
    FShade.Imperative (5.2.16)
      Aardvark.Base (>= 5.2 < 5.3)
      Aardvark.Base.FSharp (>= 5.2 < 5.3)
      FSharp.Core (>= 5.0)
      FsPickler (>= 5.3.2 < 5.4)
    FShade.SpirV (5.2.16)
      Aardvark.Base (>= 5.2 < 5.3)
      Aardvark.Base.FSharp (>= 5.2 < 5.3)
      FShade.Core (5.2.16)
      FShade.Imperative (5.2.16)
      FSharp.Core (>= 5.0)
    FSharp.Core (6.0.5)
    FSharp.Data.Adaptive (1.2.13)
      FSharp.Core (>= 4.7)
      System.Reflection.Emit.Lightweight (>= 4.6)
    FsPickler (5.3.2)
      FSharp.Core (>= 4.3.2)
      System.Reflection.Emit.Lightweight (>= 4.3)
    Microsoft.AspNetCore.Authorization (6.0.10)
      Microsoft.AspNetCore.Metadata (>= 6.0.10)
      Microsoft.Extensions.Logging.Abstractions (>= 6.0.2)
      Microsoft.Extensions.Options (>= 6.0)
    Microsoft.AspNetCore.Components (6.0.10)
      Microsoft.AspNetCore.Authorization (>= 6.0.10)
      Microsoft.AspNetCore.Components.Analyzers (>= 6.0.10)
    Microsoft.AspNetCore.Components.Analyzers (6.0.10)
    Microsoft.AspNetCore.Components.Forms (6.0.10)
      Microsoft.AspNetCore.Components (>= 6.0.10)
    Microsoft.AspNetCore.Components.Web (6.0.10)
      Microsoft.AspNetCore.Components (>= 6.0.10)
      Microsoft.AspNetCore.Components.Forms (>= 6.0.10)
      Microsoft.Extensions.DependencyInjection (>= 6.0.1)
      Microsoft.JSInterop (>= 6.0.10)
      System.IO.Pipelines (>= 6.0.3)
    Microsoft.AspNetCore.Components.WebAssembly (6.0.10)
      Microsoft.AspNetCore.Components.Web (>= 6.0.10)
      Microsoft.Extensions.Configuration.Binder (>= 6.0)
      Microsoft.Extensions.Configuration.Json (>= 6.0)
      Microsoft.Extensions.Logging (>= 6.0)
      Microsoft.JSInterop.WebAssembly (>= 6.0.10)
    Microsoft.AspNetCore.Components.WebAssembly.DevServer (6.0.10)
    Microsoft.AspNetCore.Metadata (6.0.10)
    Microsoft.Bcl.HashCode (1.1.1)
    Microsoft.CSharp (4.7)
    Microsoft.DotNet.PlatformAbstractions (3.1.6)
    Microsoft.Extensions.Configuration (6.0.1)
      Microsoft.Extensions.Configuration.Abstractions (>= 6.0)
      Microsoft.Extensions.Primitives (>= 6.0)
    Microsoft.Extensions.Configuration.Abstractions (6.0)
      Microsoft.Extensions.Primitives (>= 6.0)
    Microsoft.Extensions.Configuration.Binder (6.0)
      Microsoft.Extensions.Configuration.Abstractions (>= 6.0)
    Microsoft.Extensions.Configuration.FileExtensions (6.0)
      Microsoft.Extensions.Configuration (>= 6.0)
      Microsoft.Extensions.Configuration.Abstractions (>= 6.0)
      Microsoft.Extensions.FileProviders.Abstractions (>= 6.0)
      Microsoft.Extensions.FileProviders.Physical (>= 6.0)
      Microsoft.Extensions.Primitives (>= 6.0)
    Microsoft.Extensions.Configuration.Json (6.0)
      Microsoft.Extensions.Configuration (>= 6.0)
      Microsoft.Extensions.Configuration.Abstractions (>= 6.0)
      Microsoft.Extensions.Configuration.FileExtensions (>= 6.0)
      Microsoft.Extensions.FileProviders.Abstractions (>= 6.0)
      System.Text.Json (>= 6.0)
    Microsoft.Extensions.DependencyInjection (6.0.1)
      Microsoft.Extensions.DependencyInjection.Abstractions (>= 6.0)
      System.Runtime.CompilerServices.Unsafe (>= 6.0)
    Microsoft.Extensions.DependencyInjection.Abstractions (6.0)
    Microsoft.Extensions.DependencyModel (6.0)
      System.Buffers (>= 4.5.1)
      System.Memory (>= 4.5.4)
      System.Runtime.CompilerServices.Unsafe (>= 6.0)
      System.Text.Encodings.Web (>= 6.0)
      System.Text.Json (>= 6.0)
    Microsoft.Extensions.FileProviders.Abstractions (6.0)
      Microsoft.Extensions.Primitives (>= 6.0)
    Microsoft.Extensions.FileProviders.Physical (6.0)
      Microsoft.Extensions.FileProviders.Abstractions (>= 6.0)
      Microsoft.Extensions.FileSystemGlobbing (>= 6.0)
      Microsoft.Extensions.Primitives (>= 6.0)
    Microsoft.Extensions.FileSystemGlobbing (6.0)
    Microsoft.Extensions.Logging (6.0)
      Microsoft.Extensions.DependencyInjection (>= 6.0)
      Microsoft.Extensions.DependencyInjection.Abstractions (>= 6.0)
      Microsoft.Extensions.Logging.Abstractions (>= 6.0)
      Microsoft.Extensions.Options (>= 6.0)
      System.Diagnostics.DiagnosticSource (>= 6.0)
    Microsoft.Extensions.Logging.Abstractions (6.0.2)
    Microsoft.Extensions.Options (6.0)
      Microsoft.Extensions.DependencyInjection.Abstractions (>= 6.0)
      Microsoft.Extensions.Primitives (>= 6.0)
    Microsoft.Extensions.Primitives (6.0)
      System.Runtime.CompilerServices.Unsafe (>= 6.0)
    Microsoft.JSInterop (6.0.10)
    Microsoft.JSInterop.WebAssembly (6.0.10)
      Microsoft.JSInterop (>= 6.0.10)
    Microsoft.NETCore.Platforms (6.0.6)
    Microsoft.NETCore.Targets (5.0)
    Silk.NET.Core (2.9)
      Microsoft.Bcl.HashCode (>= 1.1)
      Microsoft.CSharp (>= 4.7)
      Microsoft.DotNet.PlatformAbstractions (>= 3.1.6)
      Microsoft.Extensions.DependencyModel (>= 3.1.1)
      System.Memory (>= 4.5.3)
      System.Numerics.Vectors (>= 4.5)
      System.Reflection.Emit (>= 4.7)
      System.Reflection.Emit.ILGeneration (>= 4.7)
      System.Runtime.CompilerServices.Unsafe (>= 4.7)
    Silk.NET.Maths (2.9)
      Microsoft.Bcl.HashCode (>= 1.1)
      Ultz.Bcl.Half (>= 1.0)
    Silk.NET.OpenGLES (2.9)
      Silk.NET.Core (>= 2.9)
      Silk.NET.Maths (>= 2.9)
    SixLabors.ImageSharp (2.1.3)
      System.Runtime.CompilerServices.Unsafe (>= 5.0)
      System.Text.Encoding.CodePages (>= 5.0)
    System.Buffers (4.5.1)
    System.Collections (4.3)
      Microsoft.NETCore.Platforms (>= 1.1)
      Microsoft.NETCore.Targets (>= 1.1)
      System.Runtime (>= 4.3)
    System.Collections.Immutable (6.0)
      System.Runtime.CompilerServices.Unsafe (>= 6.0)
    System.Diagnostics.Debug (4.3)
      Microsoft.NETCore.Platforms (>= 1.1)
      Microsoft.NETCore.Targets (>= 1.1)
      System.Runtime (>= 4.3)
    System.Diagnostics.DiagnosticSource (6.0)
      System.Runtime.CompilerServices.Unsafe (>= 6.0)
    System.Dynamic.Runtime (4.3)
      System.Collections (>= 4.3)
      System.Diagnostics.Debug (>= 4.3)
      System.Linq (>= 4.3)
      System.Linq.Expressions (>= 4.3)
      System.ObjectModel (>= 4.3)
      System.Reflection (>= 4.3)
      System.Reflection.Emit (>= 4.3)
      System.Reflection.Emit.ILGeneration (>= 4.3)
      System.Reflection.Primitives (>= 4.3)
      System.Reflection.TypeExtensions (>= 4.3)
      System.Resources.ResourceManager (>= 4.3)
      System.Runtime (>= 4.3)
      System.Runtime.Extensions (>= 4.3)
      System.Threading (>= 4.3)
    System.Globalization (4.3)
      Microsoft.NETCore.Platforms (>= 1.1)
      Microsoft.NETCore.Targets (>= 1.1)
      System.Runtime (>= 4.3)
    System.IO (4.3)
      Microsoft.NETCore.Platforms (>= 1.1)
      Microsoft.NETCore.Targets (>= 1.1)
      System.Runtime (>= 4.3)
      System.Text.Encoding (>= 4.3)
      System.Threading.Tasks (>= 4.3)
    System.IO.Pipelines (6.0.3)
    System.Linq (4.3)
      System.Collections (>= 4.3)
      System.Diagnostics.Debug (>= 4.3)
      System.Resources.ResourceManager (>= 4.3)
      System.Runtime (>= 4.3)
      System.Runtime.Extensions (>= 4.3)
    System.Linq.Expressions (4.3)
      System.Collections (>= 4.3)
      System.Diagnostics.Debug (>= 4.3)
      System.Globalization (>= 4.3)
      System.IO (>= 4.3)
      System.Linq (>= 4.3)
      System.ObjectModel (>= 4.3)
      System.Reflection (>= 4.3)
      System.Reflection.Emit (>= 4.3)
      System.Reflection.Emit.ILGeneration (>= 4.3)
      System.Reflection.Emit.Lightweight (>= 4.3)
      System.Reflection.Extensions (>= 4.3)
      System.Reflection.Primitives (>= 4.3)
      System.Reflection.TypeExtensions (>= 4.3)
      System.Resources.ResourceManager (>= 4.3)
      System.Runtime (>= 4.3)
      System.Runtime.Extensions (>= 4.3)
      System.Threading (>= 4.3)
    System.Memory (4.5.5)
    System.Numerics.Vectors (4.5)
    System.ObjectModel (4.3)
      System.Collections (>= 4.3)
      System.Diagnostics.Debug (>= 4.3)
      System.Resources.ResourceManager (>= 4.3)
      System.Runtime (>= 4.3)
      System.Threading (>= 4.3)
    System.Reflection (4.3)
      Microsoft.NETCore.Platforms (>= 1.1)
      Microsoft.NETCore.Targets (>= 1.1)
      System.IO (>= 4.3)
      System.Reflection.Primitives (>= 4.3)
      System.Runtime (>= 4.3)
    System.Reflection.Emit (4.7)
    System.Reflection.Emit.ILGeneration (4.7)
    System.Reflection.Emit.Lightweight (4.7)
    System.Reflection.Extensions (4.3)
      Microsoft.NETCore.Platforms (>= 1.1)
      Microsoft.NETCore.Targets (>= 1.1)
      System.Reflection (>= 4.3)
      System.Runtime (>= 4.3)
    System.Reflection.Primitives (4.3)
      Microsoft.NETCore.Platforms (>= 1.1)
      Microsoft.NETCore.Targets (>= 1.1)
      System.Runtime (>= 4.3)
    System.Reflection.TypeExtensions (4.7)
    System.Resources.ResourceManager (4.3)
      Microsoft.NETCore.Platforms (>= 1.1)
      Microsoft.NETCore.Targets (>= 1.1)
      System.Globalization (>= 4.3)
      System.Reflection (>= 4.3)
      System.Runtime (>= 4.3)
    System.Runtime (4.3.1)
      Microsoft.NETCore.Platforms (>= 1.1.1)
      Microsoft.NETCore.Targets (>= 1.1.3)
    System.Runtime.CompilerServices.Unsafe (6.0)
    System.Runtime.Extensions (4.3.1)
      Microsoft.NETCore.Platforms (>= 1.1.1)
      Microsoft.NETCore.Targets (>= 1.1.3)
      System.Runtime (>= 4.3.1)
    System.Text.Encoding (4.3)
      Microsoft.NETCore.Platforms (>= 1.1)
      Microsoft.NETCore.Targets (>= 1.1)
      System.Runtime (>= 4.3)
    System.Text.Encoding.CodePages (6.0)
      System.Runtime.CompilerServices.Unsafe (>= 6.0)
    System.Text.Encodings.Web (6.0)
      System.Runtime.CompilerServices.Unsafe (>= 6.0)
    System.Text.Json (6.0.6)
      System.Runtime.CompilerServices.Unsafe (>= 6.0)
      System.Text.Encodings.Web (>= 6.0)
    System.Threading (4.3)
      System.Runtime (>= 4.3)
      System.Threading.Tasks (>= 4.3)
    System.Threading.Tasks (4.3)
      Microsoft.NETCore.Platforms (>= 1.1)
      Microsoft.NETCore.Targets (>= 1.1)
      System.Runtime (>= 4.3)
    Ultz.Bcl.Half (1.0)
    Unofficial.LibTessDotNet (2.0.2)
    Unofficial.Typography (0.1)
      System.Numerics.Vectors (>= 4.5)
